GEM
  remote: https://rubygems.org/
  specs:
    fusion_tables (0.4.1)
      gdata_19 (>= 1.1.2)
      json (>= 1.7.6)
    gdata_19 (1.1.5)
    json (1.8.1)

PLATFORMS
  ruby

DEPENDENCIES
  fusion_tables
